GEM
  remote: http://rubygems.org/
  specs:
    backports (2.3.0)
    box-api (0.2.2)
      httmultiparty (~> 0.3.6)
    columnize (0.3.6)
    eventmachine (0.12.10)
    httmultiparty (0.3.6)
      httparty (>= 0.7.3)
      multipart-post
    httparty (0.8.1)
      multi_json
      multi_xml
    json_pure (1.6.5)
    linecache (0.46)
      rbx-require-relative (> 0.0.4)
    multi_json (1.1.0)
    multi_xml (0.4.2)
    multipart-post (1.1.5)
    pdfkit (0.5.2)
    pdfkit-heroku (0.1.2)
      pdfkit
    rack (1.4.1)
    rack-protection (1.2.0)
      rack
    rack-test (0.6.1)
      rack (>= 1.0)
    rbx-require-relative (0.0.5)
    ruby-debug (0.10.4)
      columnize (>= 0.1)
      ruby-debug-base (~> 0.10.4.0)
    ruby-debug-base (0.10.4)
      linecache (>= 0.3)
    sinatra (1.3.2)
      rack (~> 1.3, >= 1.3.6)
      rack-protection (~> 1.2)
      tilt (~> 1.3, >= 1.3.3)
    sinatra-contrib (1.3.1)
      backports (>= 2.0)
      eventmachine
      rack-protection
      rack-test
      sinatra (~> 1.3.0)
      tilt (~> 1.3)
    sinatra-jsonp (0.3.2)
      json_pure (~> 1.4)
      sinatra (~> 1.0)
    tilt (1.3.3)
    wkhtmltopdf-binary (0.9.5.3)
    wkhtmltopdf-heroku (0.1.3)

PLATFORMS
  ruby

DEPENDENCIES
  box-api
  pdfkit
  pdfkit-heroku
  rack
  ruby-debug
  sinatra
  sinatra-contrib
  sinatra-jsonp
  wkhtmltopdf-binary
  wkhtmltopdf-heroku
